GEM
  remote: http://rubygems.org/
  remote: http://rubygems.org/
  specs:
    addressable (2.3.3)
    css_parser (1.3.4)
      addressable
    json (1.7.7-java)
    nokogiri (1.5.9-java)

PLATFORMS
  java

DEPENDENCIES
  css_parser
  json
  nokogiri
